GEM
  remote: http://rubygems.org/
  specs:
    RedCloth (3.0.4)
    ZenTest (3.6.0)
      hoe (>= 1.2.1)
    hoe (1.2.1)
      rake (>= 0.7.2)
      rubyforge (>= 0.4.1)
    json_pure (1.6.1)
    rake (0.7.2)
    rcov (0.9.11)
    rote (0.3.6)
      RedCloth (> 3.0)
      rake (> 0.6)
    rspec (1.0.8)
    rubyforge (2.0.4)
      json_pure (>= 1.1.7)
    syntax (1.0.0)

PLATFORMS
  ruby

DEPENDENCIES
  RedCloth (~> 3.0.4)
  ZenTest (~> 3.6.0)
  rake (= 0.7.2)
  rcov (~> 0.8)
  rote (~> 0.3.4)
  rspec (~> 1.0.5)
  syntax (~> 1.0.0)
